GEM
  remote: https://rubygems.org/
  specs:
    slop (3.4.7)
    sparkr (0.4.1)

PLATFORMS
  ruby

DEPENDENCIES
  slop
  sparkr
