GEM
  remote: https://rubygems.org/
  specs:
    coderay (1.1.0)
    method_source (0.8.2)
    pry (0.10.3)
      coderay (~> 1.1.0)
      method_source (~> 0.8.1)
      slop (~> 3.4)
    slop (3.4.7)
    sparkr (0.4.1)

PLATFORMS
  ruby

DEPENDENCIES
  pry
  slop
  sparkr

BUNDLED WITH
   1.10.6
